GEM
  remote: https://rubygems.org/
  specs:
    addressable (2.3.5)
    bamboo-client (0.0.9)
      json
      nokogiri
      rest-client
    crack (0.4.1)
      safe_yaml (~> 0.9.0)
    diff-lcs (1.1.3)
    git (1.2.6)
    json (1.8.0-java)
    little-plugger (1.1.3)
    logging (1.8.0)
      little-plugger (>= 1.1.3)
      multi_json (>= 1.3.6)
    maestro-plugin-rake-tasks (1.0.7)
      git
      json (>= 1.4.6)
      nokogiri
      rake (>= 0.9.2)
      zippy
    maestro_common (0.0.2)
      json (>= 1.4.6)
      logging (>= 1.8.0)
      onstomp
      rubyzip (>= 0.9.8)
    maestro_plugin (0.0.17)
      json (>= 1.4.6)
      logging (= 1.8.0)
      rubyzip (= 0.9.8)
    metaclass (0.0.1)
    mime-types (1.19)
    mini_portile (0.5.1)
    mocha (0.10.0)
      metaclass (~> 0.0.1)
    multi_json (1.7.9)
    nokogiri (1.6.0-java)
      mini_portile (~> 0.5.0)
    onstomp (1.0.7)
    rake (10.1.0)
    rest-client (1.6.7)
      mime-types (>= 1.16)
    rspec (2.11.0)
      rspec-core (~> 2.11.0)
      rspec-expectations (~> 2.11.0)
      rspec-mocks (~> 2.11.0)
    rspec-core (2.11.1)
    rspec-expectations (2.11.3)
      diff-lcs (~> 1.1.3)
    rspec-mocks (2.11.3)
    rubyzip (0.9.8)
    safe_yaml (0.9.5)
    webmock (1.13.0)
      addressable (>= 2.2.7)
      crack (>= 0.3.2)
    zippy (0.2.1)
      rubyzip (>= 0.9.1)

PLATFORMS
  java
  ruby

DEPENDENCIES
  bamboo-client (>= 0.0.9)
  maestro-plugin-rake-tasks
  maestro_common
  maestro_plugin (>= 0.0.17)
  mocha
  rspec
  webmock
